GEM
  remote: https://rubygems.org/
  specs:
    dnsimple (4.0.0)
      httparty
    httparty (0.14.0)
      multi_xml (>= 0.5.2)
    multi_xml (0.5.5)

PLATFORMS
  ruby

DEPENDENCIES
  dnsimple
